GEM
  remote: https://rubygems.org/
  specs:
    coderay (1.1.3)
    daemons (1.4.1)
    diff-lcs (1.5.0)
    eventmachine (1.2.7)
    graphql (1.13.6)
    method_source (1.0.0)
    mustermann (1.1.1)
      ruby2_keywords (~> 0.0.1)
    pry (0.14.1)
      coderay (~> 1.1)
      method_source (~> 1.0)
    rack (2.2.3)
    rack-protection (2.1.0)
      rack
    redis (4.5.1)
    rspec (3.10.0)
      rspec-core (~> 3.10.0)
      rspec-expectations (~> 3.10.0)
      rspec-mocks (~> 3.10.0)
    rspec-core (3.10.2)
      rspec-support (~> 3.10.0)
    rspec-expectations (3.10.2)
      diff-lcs (>= 1.2.0, < 2.0)
      rspec-support (~> 3.10.0)
    rspec-mocks (3.10.3)
      diff-lcs (>= 1.2.0, < 2.0)
      rspec-support (~> 3.10.0)
    rspec-support (3.10.3)
    ruby2_keywords (0.0.5)
    sinatra (2.1.0)
      mustermann (~> 1.0)
      rack (~> 2.2)
      rack-protection (= 2.1.0)
      tilt (~> 2.0)
    thin (1.8.1)
      daemons (~> 1.0, >= 1.0.9)
      eventmachine (~> 1.0, >= 1.0.4)
      rack (>= 1, < 3)
    tilt (2.0.10)

PLATFORMS
  x86_64-linux

DEPENDENCIES
  graphql (~> 1.13)
  pry (~> 0.14.1)
  rack (~> 2.2)
  redis (~> 4.5)
  rspec (~> 3.10)
  sinatra (~> 2.1)
  thin (~> 1.8)

BUNDLED WITH
   2.3.6
